NUGET
  remote: https://www.nuget.org/api/v2
  specs:
    Akka (1.1.1)
      Newtonsoft.Json (>= 7.0.1)
      System.Collections.Immutable (>= 1.1.36)
    Akka.FSharp (1.1.1)
      Akka (>= 1.1.1)
      FsPickler (>= 1.2.21)
      FSPowerPack.Core.Community (>= 3.0)
      FSPowerPack.Linq.Community (>= 3.0)
    FAKE (4.39.1)
    FSharp.Core (4.0.0.1)
    FsPickler (3.1)
    FSPowerPack.Core.Community (3.0)
    FSPowerPack.Linq.Community (3.0)
      FSPowerPack.Core.Community
    Microsoft.CSharp (4.0.1)
      System.Collections (>= 4.0.11) - framework: dnxcore50
      System.Diagnostics.Debug (>= 4.0.11) - framework: dnxcore50
      System.Dynamic.Runtime (>= 4.0.11) - framework: dnxcore50
      System.Globalization (>= 4.0.11) - framework: dnxcore50
      System.Linq (>= 4.1) - framework: dnxcore50
      System.Linq.Expressions (>= 4.1) - framework: dnxcore50
      System.ObjectModel (>= 4.0.12) - framework: dnxcore50
      System.Reflection (>= 4.1) - framework: dnxcore50
      System.Reflection.Extensions (>= 4.0.1) - framework: dnxcore50
      System.Reflection.Primitives (>= 4.0.1) - framework: dnxcore50
      System.Reflection.TypeExtensions (>= 4.1) - framework: dnxcore50
      System.Resources.ResourceManager (>= 4.0.1) - framework: dnxcore50
      System.Runtime (>= 4.1) - framework: dnxcore50
      System.Runtime.Extensions (>= 4.1) - framework: dnxcore50
      System.Runtime.InteropServices (>= 4.1) - framework: dnxcore50
      System.Threading (>= 4.0.11) - framework: dnxcore50
    Microsoft.NETCore.Platforms (1.0.1)
    Microsoft.NETCore.Targets (1.0.1)
    Newtonsoft.Json (9.0.1)
      Microsoft.CSharp (>= 4.0.1)
      System.Collections (>= 4.0.11)
      System.Diagnostics.Debug (>= 4.0.11)
      System.Dynamic.Runtime (>= 4.0.11)
      System.Globalization (>= 4.0.11)
      System.IO (>= 4.1)
      System.Linq (>= 4.1)
      System.Linq.Expressions (>= 4.1)
      System.ObjectModel (>= 4.0.12)
      System.Reflection (>= 4.1)
      System.Reflection.Extensions (>= 4.0.1)
      System.Resources.ResourceManager (>= 4.0.1)
      System.Runtime (>= 4.1)
      System.Runtime.Extensions (>= 4.1)
      System.Runtime.Serialization.Primitives (>= 4.1.1)
      System.Text.Encoding (>= 4.0.11)
      System.Text.Encoding.Extensions (>= 4.0.11)
      System.Text.RegularExpressions (>= 4.1)
      System.Threading (>= 4.0.11)
      System.Threading.Tasks (>= 4.0.11)
      System.Xml.ReaderWriter (>= 4.0.11)
      System.Xml.XDocument (>= 4.0.11)
    System.Collections (4.0.11)
      Microsoft.NETCore.Platforms (>= 1.0.1) - framework: dnxcore50
      Microsoft.NETCore.Targets (>= 1.0.1) - framework: dnxcore50
      System.Runtime (>= 4.1) - framework: dnxcore50
    System.Collections.Immutable (1.2)
      System.Collections (>= 4.0.11)
      System.Diagnostics.Debug (>= 4.0.11)
      System.Globalization (>= 4.0.11)
      System.Linq (>= 4.1)
      System.Resources.ResourceManager (>= 4.0.1)
      System.Runtime (>= 4.1)
      System.Runtime.Extensions (>= 4.1)
      System.Threading (>= 4.0.11)
    System.Diagnostics.Debug (4.0.11)
      Microsoft.NETCore.Platforms (>= 1.0.1) - framework: dnxcore50
      Microsoft.NETCore.Targets (>= 1.0.1) - framework: dnxcore50
      System.Runtime (>= 4.1) - framework: dnxcore50
    System.Diagnostics.Tools (4.0.1)
      Microsoft.NETCore.Platforms (>= 1.0.1) - framework: dnxcore50
      Microsoft.NETCore.Targets (>= 1.0.1) - framework: dnxcore50
      System.Runtime (>= 4.1) - framework: dnxcore50
    System.Dynamic.Runtime (4.0.11)
      System.Collections (>= 4.0.11) - framework: dnxcore50
      System.Diagnostics.Debug (>= 4.0.11) - framework: dnxcore50
      System.Globalization (>= 4.0.11) - framework: dnxcore50
      System.Linq (>= 4.1) - framework: dnxcore50
      System.Linq.Expressions (>= 4.1) - framework: dnxcore50
      System.ObjectModel (>= 4.0.12) - framework: dnxcore50
      System.Reflection (>= 4.1) - framework: dnxcore50
      System.Reflection.Emit (>= 4.0.1)
      System.Reflection.Emit.ILGeneration (>= 4.0.1)
      System.Reflection.Primitives (>= 4.0.1)
      System.Reflection.TypeExtensions (>= 4.1) - framework: dnxcore50
      System.Resources.ResourceManager (>= 4.0.1) - framework: dnxcore50
      System.Runtime (>= 4.1) - framework: dnxcore50
      System.Runtime.Extensions (>= 4.1) - framework: dnxcore50
      System.Threading (>= 4.0.11) - framework: dnxcore50
    System.Globalization (4.0.11)
      Microsoft.NETCore.Platforms (>= 1.0.1) - framework: dnxcore50
      Microsoft.NETCore.Targets (>= 1.0.1) - framework: dnxcore50
      System.Runtime (>= 4.1) - framework: dnxcore50
    System.IO (4.1)
      Microsoft.NETCore.Platforms (>= 1.0.1) - framework: dnxcore50
      Microsoft.NETCore.Targets (>= 1.0.1) - framework: dnxcore50
      System.Runtime (>= 4.1) - framework: dnxcore50
      System.Text.Encoding (>= 4.0.11) - framework: dnxcore50
      System.Threading.Tasks (>= 4.0.11) - framework: dnxcore50
    System.IO.FileSystem (4.0.1)
      Microsoft.NETCore.Platforms (>= 1.0.1)
      Microsoft.NETCore.Targets (>= 1.0.1)
      System.IO (>= 4.1)
      System.IO.FileSystem.Primitives (>= 4.0.1) - framework: >= net46
      System.Runtime (>= 4.1)
      System.Runtime.Handles (>= 4.0.1)
      System.Text.Encoding (>= 4.0.11)
      System.Threading.Tasks (>= 4.0.11)
    System.IO.FileSystem.Primitives (4.0.1)
      System.Runtime (>= 4.1)
    System.Linq (4.1)
      System.Collections (>= 4.0.11) - framework: dnxcore50
      System.Diagnostics.Debug (>= 4.0.11) - framework: dnxcore50
      System.Resources.ResourceManager (>= 4.0.1) - framework: dnxcore50
      System.Runtime (>= 4.1) - framework: dnxcore50
      System.Runtime.Extensions (>= 4.1) - framework: dnxcore50
    System.Linq.Expressions (4.1)
      System.Collections (>= 4.0.11) - framework: dnxcore50
      System.Diagnostics.Debug (>= 4.0.11) - framework: dnxcore50
      System.Globalization (>= 4.0.11) - framework: dnxcore50
      System.IO (>= 4.1) - framework: dnxcore50
      System.Linq (>= 4.1) - framework: dnxcore50
      System.ObjectModel (>= 4.0.12)
      System.Reflection (>= 4.1) - framework: dnxcore50
      System.Reflection.Emit (>= 4.0.1)
      System.Reflection.Emit.ILGeneration (>= 4.0.1) - framework: dnxcore50
      System.Reflection.Emit.Lightweight (>= 4.0.1) - framework: dnxcore50
      System.Reflection.Extensions (>= 4.0.1) - framework: dnxcore50
      System.Reflection.Primitives (>= 4.0.1) - framework: dnxcore50
      System.Reflection.TypeExtensions (>= 4.1) - framework: dnxcore50
      System.Resources.ResourceManager (>= 4.0.1) - framework: dnxcore50
      System.Runtime (>= 4.1) - framework: dnxcore50
      System.Runtime.Extensions (>= 4.1) - framework: dnxcore50
      System.Threading (>= 4.0.11) - framework: dnxcore50
    System.ObjectModel (4.0.12)
      System.Collections (>= 4.0.11) - framework: dnxcore50
      System.Diagnostics.Debug (>= 4.0.11) - framework: dnxcore50
      System.Resources.ResourceManager (>= 4.0.1) - framework: dnxcore50
      System.Runtime (>= 4.1) - framework: dnxcore50
      System.Threading (>= 4.0.11) - framework: dnxcore50
    System.Reflection (4.1)
      Microsoft.NETCore.Platforms (>= 1.0.1) - framework: dnxcore50
      Microsoft.NETCore.Targets (>= 1.0.1) - framework: dnxcore50
      System.IO (>= 4.1) - framework: dnxcore50
      System.Reflection.Primitives (>= 4.0.1) - framework: dnxcore50
      System.Runtime (>= 4.1) - framework: dnxcore50
    System.Reflection.Emit (4.0.1)
      System.IO (>= 4.1)
      System.Reflection (>= 4.1)
      System.Reflection.Emit.ILGeneration (>= 4.0.1) - framework: monotouch, xamarinios
      System.Reflection.Primitives (>= 4.0.1)
      System.Runtime (>= 4.1)
    System.Reflection.Emit.ILGeneration (4.0.1)
      System.Reflection (>= 4.1)
      System.Reflection.Primitives (>= 4.0.1)
      System.Runtime (>= 4.1)
    System.Reflection.Emit.Lightweight (4.0.1)
      System.Reflection (>= 4.1)
      System.Reflection.Emit.ILGeneration (>= 4.0.1) - framework: monoandroid, monotouch, xamarinios, xamarinmac
      System.Reflection.Primitives (>= 4.0.1)
      System.Runtime (>= 4.1)
    System.Reflection.Extensions (4.0.1)
      Microsoft.NETCore.Platforms (>= 1.0.1) - framework: dnxcore50
      Microsoft.NETCore.Targets (>= 1.0.1) - framework: dnxcore50
      System.Reflection (>= 4.1) - framework: dnxcore50
      System.Runtime (>= 4.1) - framework: dnxcore50
    System.Reflection.Primitives (4.0.1)
      Microsoft.NETCore.Platforms (>= 1.0.1) - framework: dnxcore50
      Microsoft.NETCore.Targets (>= 1.0.1) - framework: dnxcore50
      System.Runtime (>= 4.1) - framework: dnxcore50
    System.Reflection.TypeExtensions (4.1)
      System.Reflection (>= 4.1) - framework: dnxcore50
      System.Runtime (>= 4.1) - framework: dnxcore50
    System.Resources.ResourceManager (4.0.1)
      Microsoft.NETCore.Platforms (>= 1.0.1) - framework: dnxcore50
      Microsoft.NETCore.Targets (>= 1.0.1) - framework: dnxcore50
      System.Globalization (>= 4.0.11) - framework: dnxcore50
      System.Reflection (>= 4.1) - framework: dnxcore50
      System.Runtime (>= 4.1) - framework: dnxcore50
    System.Runtime (4.1)
      Microsoft.NETCore.Platforms (>= 1.0.1) - framework: dnxcore50
      Microsoft.NETCore.Targets (>= 1.0.1) - framework: dnxcore50
    System.Runtime.Extensions (4.1)
      Microsoft.NETCore.Platforms (>= 1.0.1) - framework: dnxcore50
      Microsoft.NETCore.Targets (>= 1.0.1) - framework: dnxcore50
      System.Runtime (>= 4.1) - framework: dnxcore50
    System.Runtime.Handles (4.0.1)
      Microsoft.NETCore.Platforms (>= 1.0.1)
      Microsoft.NETCore.Targets (>= 1.0.1)
      System.Runtime (>= 4.1)
    System.Runtime.InteropServices (4.1)
      Microsoft.NETCore.Platforms (>= 1.0.1) - framework: dnxcore50
      Microsoft.NETCore.Targets (>= 1.0.1) - framework: dnxcore50
      System.Reflection (>= 4.1) - framework: dnxcore50
      System.Reflection.Primitives (>= 4.0.1) - framework: dnxcore50
      System.Runtime (>= 4.1) - framework: dnxcore50
      System.Runtime.Handles (>= 4.0.1) - framework: dnxcore50
    System.Runtime.Serialization.Primitives (4.1.1)
      System.Resources.ResourceManager (>= 4.0.1) - framework: dnxcore50
      System.Runtime (>= 4.1) - framework: dnxcore50
    System.Text.Encoding (4.0.11)
      Microsoft.NETCore.Platforms (>= 1.0.1) - framework: dnxcore50
      Microsoft.NETCore.Targets (>= 1.0.1) - framework: dnxcore50
      System.Runtime (>= 4.1) - framework: dnxcore50
    System.Text.Encoding.Extensions (4.0.11)
      Microsoft.NETCore.Platforms (>= 1.0.1) - framework: dnxcore50
      Microsoft.NETCore.Targets (>= 1.0.1) - framework: dnxcore50
      System.Runtime (>= 4.1) - framework: dnxcore50
      System.Text.Encoding (>= 4.0.11) - framework: dnxcore50
    System.Text.RegularExpressions (4.1)
      System.Collections (>= 4.0.11) - framework: dnxcore50
      System.Globalization (>= 4.0.11) - framework: dnxcore50
      System.Resources.ResourceManager (>= 4.0.1) - framework: dnxcore50
      System.Runtime (>= 4.1) - framework: dnxcore50
      System.Runtime.Extensions (>= 4.1) - framework: dnxcore50
      System.Threading (>= 4.0.11) - framework: dnxcore50
    System.Threading (4.0.11)
      System.Runtime (>= 4.1) - framework: dnxcore50
      System.Threading.Tasks (>= 4.0.11) - framework: dnxcore50
    System.Threading.Tasks (4.0.11)
      Microsoft.NETCore.Platforms (>= 1.0.1) - framework: dnxcore50
      Microsoft.NETCore.Targets (>= 1.0.1) - framework: dnxcore50
      System.Runtime (>= 4.1) - framework: dnxcore50
    System.Threading.Tasks.Extensions (4.0)
      System.Collections (>= 4.0.11)
      System.Runtime (>= 4.1)
      System.Threading.Tasks (>= 4.0.11)
    System.Xml.ReaderWriter (4.0.11)
      System.Collections (>= 4.0.11) - framework: dnxcore50
      System.Diagnostics.Debug (>= 4.0.11) - framework: dnxcore50
      System.Globalization (>= 4.0.11) - framework: dnxcore50
      System.IO (>= 4.1) - framework: dnxcore50
      System.IO.FileSystem (>= 4.0.1) - framework: dnxcore50
      System.IO.FileSystem.Primitives (>= 4.0.1) - framework: dnxcore50
      System.Resources.ResourceManager (>= 4.0.1) - framework: dnxcore50
      System.Runtime (>= 4.1) - framework: dnxcore50
      System.Runtime.Extensions (>= 4.1) - framework: dnxcore50
      System.Runtime.InteropServices (>= 4.1) - framework: dnxcore50
      System.Text.Encoding (>= 4.0.11) - framework: dnxcore50
      System.Text.Encoding.Extensions (>= 4.0.11) - framework: dnxcore50
      System.Text.RegularExpressions (>= 4.1) - framework: dnxcore50
      System.Threading.Tasks (>= 4.0.11) - framework: dnxcore50
      System.Threading.Tasks.Extensions (>= 4.0) - framework: dnxcore50
    System.Xml.XDocument (4.0.11)
      System.Collections (>= 4.0.11) - framework: dnxcore50
      System.Diagnostics.Debug (>= 4.0.11) - framework: dnxcore50
      System.Diagnostics.Tools (>= 4.0.1) - framework: dnxcore50
      System.Globalization (>= 4.0.11) - framework: dnxcore50
      System.IO (>= 4.1) - framework: dnxcore50
      System.Reflection (>= 4.1) - framework: dnxcore50
      System.Resources.ResourceManager (>= 4.0.1) - framework: dnxcore50
      System.Runtime (>= 4.1) - framework: dnxcore50
      System.Runtime.Extensions (>= 4.1) - framework: dnxcore50
      System.Text.Encoding (>= 4.0.11) - framework: dnxcore50
      System.Threading (>= 4.0.11) - framework: dnxcore50
      System.Xml.ReaderWriter (>= 4.0.11) - framework: dnxcore50
